GIT
  remote: https://github.com/colszowka/simplecov-html.git
  revision: a15909b7a3a1d133c1890946185695a7a316621c
  specs:
    simplecov-html (0.5.3)

GIT
  remote: https://github.com/colszowka/simplecov.git
  revision: 24ced991349df08779a18a14205ab3125603daef
  specs:
    simplecov (0.5.3)
      multi_json (~> 1.0.3)
      simplecov-html (~> 0.5.3)

GEM
  remote: http://rubygems.org/
  specs:
    diff-lcs (1.1.3)
    ffi (1.0.9)
    guard (0.7.0)
      thor (~> 0.14.6)
    guard-rspec (0.4.5)
      guard (>= 0.4.0)
    libnotify (0.5.7)
      ffi (= 1.0.9)
    multi_json (1.0.3)
    rb-inotify (0.8.6)
      ffi (>= 0.5.0)
    rspec (2.6.0)
      rspec-core (~> 2.6.0)
      rspec-expectations (~> 2.6.0)
      rspec-mocks (~> 2.6.0)
    rspec-core (2.6.4)
    rspec-expectations (2.6.0)
      diff-lcs (~> 1.1.2)
    rspec-mocks (2.6.0)
    shoes (3.0.1)
    thor (0.14.6)

PLATFORMS
  ruby

DEPENDENCIES
  guard
  guard-rspec
  libnotify
  rb-inotify
  rspec
  shoes
  simplecov!
  simplecov-html!
